PATH
  remote: .
  specs:
    libxml-io (0.1.0)

GEM
  remote: https://rubygems.org/
  specs:
    minitest (5.11.3)
    rake (10.5.0)
    rake-compiler (1.0.4)
      rake

PLATFORMS
  ruby

DEPENDENCIES
  bundler (~> 1.16)
  libxml-io!
  minitest (~> 5.11)
  rake (~> 10.0)
  rake-compiler (~> 1.0)

BUNDLED WITH
   1.16.3
